GEM
  remote: http://rubygems.org/
  specs:
    blockenspiel (0.4.5)
    jenkins-plugin-runtime (0.2.3)
      json
      slop (~> 3.0.2)
    json (1.7.6)
    json (1.7.6-java)
    slop (3.0.4)
    term-ansicolor (1.0.7)
    versionomy (0.4.4)
      blockenspiel (>= 0.4.5)

PLATFORMS
  java
  ruby

DEPENDENCIES
  jenkins-plugin-runtime
  term-ansicolor
  versionomy
