GIT
  remote: git://github.com/melezhik/simple_console.git
  revision: 4924cc56b15040a662ea7d404646c440071b58bf
  specs:
    simple_console (0.0.1)
      logger
      term-ansicolor

GEM
  remote: http://rubygems.org/
  specs:
    blockenspiel (0.4.5)
    jenkins-plugin-runtime (0.2.3)
      json
      slop (~> 3.0.2)
    json (1.7.7)
    json (1.7.7-java)
    logger (1.2.8)
    slop (3.0.4)
    term-ansicolor (1.1.4)
    versionomy (0.4.4)
      blockenspiel (>= 0.4.5)

PLATFORMS
  java
  ruby

DEPENDENCIES
  jenkins-plugin-runtime
  simple_console!
  versionomy
